GEM
  remote: https://rubygems.org/
  specs:
    colorize (0.8.1)

PLATFORMS
  ruby
  x86_64-linux

DEPENDENCIES
  bundler (~> 2.1)
  colorize

BUNDLED WITH
   2.4.5
